GEM
  remote: https://rubygems.org/
  specs:
    mini_portile (0.5.0)
    nokogiri (1.6.0-x86-mingw32)
      mini_portile (~> 0.5.0)
    pg (0.17.0-x86-mingw32)
    rack (1.5.2)
    rack-protection (1.5.1)
      rack
    sequel (4.3.0)
    sinatra (1.4.3)
      rack (~> 1.4)
      rack-protection (~> 1.4)
      tilt (~> 1.3, >= 1.3.4)
    tilt (1.4.1)

PLATFORMS
  x86-mingw32

DEPENDENCIES
  nokogiri
  pg
  sequel
  sinatra (= 1.4.3)
